GEM
  remote: https://rubygems.org/
  specs:
    cuba (3.1.0)
      rack
    rack (1.5.2)
    rake (0.9.6)

PLATFORMS
  ruby

DEPENDENCIES
  cuba
  rake
